GEM
  remote: http://rubygems.org/
  specs:
    docker-api (1.34.2)
      excon (>= 0.47.0)
      multi_json
    emk-sinatra-url-for (0.2.1)
      sinatra (>= 0.9.1.1)
    excon (0.71.0)
    multi_json (1.13.1)
    mustermann (1.1.1)
      ruby2_keywords (~> 0.0.1)
    rack (2.2.3)
    rack-protection (2.2.0)
      rack
    redis (4.1.1)
    ruby2_keywords (0.0.5)
    sinatra (2.2.0)
      mustermann (~> 1.0)
      rack (~> 2.2)
      rack-protection (= 2.2.0)
      tilt (~> 2.0)
    sinatra-flash (0.3.0)
      sinatra (>= 1.0.0)
    sinatra-redirect-with-flash (0.2.1)
      sinatra (>= 1.0.0)
    sinatra-static-assets (1.0.4)
      sinatra (>= 1.1.0)
    tilt (2.0.10)

PLATFORMS
  ruby

DEPENDENCIES
  docker-api
  emk-sinatra-url-for
  redis
  sinatra
  sinatra-flash
  sinatra-redirect-with-flash
  sinatra-static-assets

BUNDLED WITH
   1.17.2
